GEM
  remote: https://rubygems.org/
  specs:
    archive-tar-minitar (0.5.2)
    autotest-fsevent (0.2.8)
      sys-uname
    autotest-standalone (4.5.11)
    brock (0.1.5)
    childprocess (0.3.9)
      ffi (~> 1.0, >= 1.0.11)
    diff-lcs (1.2.2)
    erubis (2.7.0)
    ffi (1.6.0)
    i18n (0.6.4)
    json (1.7.7)
    log4r (1.1.10)
    net-scp (1.0.4)
      net-ssh (>= 1.99.1)
    net-ssh (2.2.2)
    rspec (2.13.0)
      rspec-core (~> 2.13.0)
      rspec-expectations (~> 2.13.0)
      rspec-mocks (~> 2.13.0)
    rspec-core (2.13.1)
    rspec-expectations (2.13.0)
      diff-lcs (>= 1.1.3, < 2.0)
    rspec-mocks (2.13.1)
    sys-uname (0.9.1)
      ffi (>= 1.0.0)
    timecop (0.6.1)
    vagrant (1.0.7)
      archive-tar-minitar (= 0.5.2)
      childprocess (~> 0.3.1)
      erubis (~> 2.7.0)
      i18n (~> 0.6.0)
      json (>= 1.5.1, < 1.8.0)
      log4r (~> 1.1.9)
      net-scp (~> 1.0.4)
      net-ssh (~> 2.2.2)

PLATFORMS
  ruby

DEPENDENCIES
  autotest-fsevent
  autotest-standalone
  brock
  rspec
  timecop
  vagrant
